GEM
  remote: http://rubygems.org/
  specs:
    mini_magick (3.4)
      subexec (~> 0.2.1)
    nokogiri (1.5.5)
    subexec (0.2.2)

PLATFORMS
  ruby

DEPENDENCIES
  mini_magick
  nokogiri
